GEM
  remote: http://rubygems.org/
  specs:
    crack (0.1.8)
    daemons (1.1.4)
    dnsimple-ruby (0.9.9)
      httparty
      httparty
    eventmachine (0.12.10)
    haml (3.1.2)
    httparty (0.7.8)
      crack (= 0.1.8)
    json (1.5.3)
    rack (1.3.2)
    sinatra (1.2.6)
      rack (~> 1.1)
      tilt (< 2.0, >= 1.2.2)
    sinatra-static-assets (1.0.0)
      sinatra (>= 1.1.0)
    thin (1.2.11)
      daemons (>= 1.0.9)
      eventmachine (>= 0.12.6)
      rack (>= 1.0.0)
    tilt (1.3.2)

PLATFORMS
  ruby

DEPENDENCIES
  dnsimple-ruby
  haml
  json
  sinatra
  sinatra-static-assets
  thin
